GIT
  remote: https://github.com/robotixcorporation/vimeo_me2.git
  revision: 32932b540b02e5723ff9acc215bf3eeb471845e9
  specs:
    vimeo_me2 (1.2.1)
      httparty (~> 0.14.0)

GEM
  remote: https://rubygems.org/
  specs:
    addressable (2.8.1)
      public_suffix (>= 2.0.2, < 6.0)
    byebug (11.1.1)
    concurrent-ruby (1.1.6)
    down (5.1.1)
      addressable (~> 2.5)
    httparty (0.14.0)
      multi_xml (>= 0.5.2)
    multi_xml (0.6.0)
    public_suffix (5.0.0)
    rake (13.0.1)

PLATFORMS
  ruby

DEPENDENCIES
  byebug
  concurrent-ruby
  down (~> 5.0)
  rake
  vimeo_me2!

BUNDLED WITH
   2.1.4
